GEM
  remote: http://rubygems.org/
  specs:
    colored (1.2)
    httpclient (2.1.6.1)
    json (1.5.1)
    rake (0.8.7)
    rdiscount (1.6.8)
    ruby-fsevent (0.2.1)
    smusher (0.4.6)
      httpclient
      json
      rake
    watcher (1.2.0)

PLATFORMS
  ruby

DEPENDENCIES
  colored
  rdiscount
  ruby-fsevent
  smusher
  watcher
