GEM
  remote: http://rubygems.org/
  specs:
    watcher (1.2.0)

PLATFORMS
  ruby

DEPENDENCIES
  watcher
